GIT
  remote: git://github.com/locomotivecms/engine.git
  revision: ad20ce984d55dc234d0382d40316753361781b84
  branch: v2.5.x
  specs:
    locomotive_cms (2.5.6.rc2)
      RedCloth (~> 4.2.8)
      actionmailer-with-request (~> 0.4.0)
      cancan (= 1.6.7)
      carrierwave-mongoid (~> 0.6.2)
      cells (~> 3.8.0)
      codemirror-rails (~> 3.13)
      compass-rails (~> 2.0.0)
      custom_fields (~> 2.3.2)
      devise (= 2.2.7)
      devise-encryptable (~> 0.1.1)
      dragonfly (~> 1.0.7)
      flash_cookie_session (~> 1.1.1)
      fog (~> 1.12.1)
      formtastic (~> 2.2.1)
      haml (~> 4.0.2)
      highline (~> 1.6.2)
      httparty (~> 0.11.0)
      jquery-rails (~> 2.1.4)
      kaminari (~> 0.14.1)
      locomotive-aloha-rails (~> 0.23.2.2)
      locomotive-tinymce-rails (~> 3.5.8.2)
      locomotivecms_solid (~> 0.2.2)
      mime-types (~> 1.19)
      mimetype-fu (~> 0.1.2)
      mongo_session_store-rails3 (~> 4.1.1)
      mongoid (~> 3.1.5)
      mongoid-tree (~> 1.0.3)
      mongoid_migration (~> 0.0.8)
      multi_json (~> 1.7.3)
      rack-cache (~> 1.1)
      rails (~> 3.2.19)
      rails-backbone (~> 0.7.2)
      rake (~> 10.0.0)
      redcarpet (~> 3.0.0)
      responders (~> 0.9.2)
      sanitize (= 2.0.3)
      stringex (~> 2.0.3)

GEM
  remote: https://rubygems.org/
  specs:
    RedCloth (4.2.9)
    actionmailer (3.2.19)
      actionpack (= 3.2.19)
      mail (~> 2.5.4)
    actionmailer-with-request (0.4.0)
      rails (>= 3)
    actionpack (3.2.19)
      activemodel (= 3.2.19)
      activesupport (= 3.2.19)
      builder (~> 3.0.0)
      erubis (~> 2.7.0)
      journey (~> 1.0.4)
      rack (~> 1.4.5)
      rack-cache (~> 1.2)
      rack-test (~> 0.6.1)
      sprockets (~> 2.2.1)
    activemodel (3.2.19)
      activesupport (= 3.2.19)
      builder (~> 3.0.0)
    activerecord (3.2.19)
      activemodel (= 3.2.19)
      activesupport (= 3.2.19)
      arel (~> 3.0.2)
      tzinfo (~> 0.3.29)
    activeresource (3.2.19)
      activemodel (= 3.2.19)
      activesupport (= 3.2.19)
    activesupport (3.2.19)
      i18n (~> 0.6, >= 0.6.4)
      multi_json (~> 1.0)
    addressable (2.3.6)
    arel (3.0.3)
    bcrypt (3.1.7)
    bcrypt-ruby (3.1.5)
      bcrypt (>= 3.1.3)
    better_errors (2.0.0)
      coderay (>= 1.0.0)
      erubis (>= 2.6.6)
      rack (>= 0.9.0)
    binding_of_caller (0.7.2)
      debug_inspector (>= 0.0.1)
    builder (3.0.4)
    cancan (1.6.7)
    capistrano (3.2.1)
      i18n
      rake (>= 10.0.0)
      sshkit (~> 1.3)
    capistrano-bundler (1.1.3)
      capistrano (~> 3.1)
      sshkit (~> 1.2)
    capistrano-rails (1.1.2)
      capistrano (~> 3.1)
      capistrano-bundler (~> 1.1)
    capistrano-rvm (0.1.1)
      capistrano (~> 3.0)
      sshkit (~> 1.2)
    capistrano3-unicorn (0.2.1)
      capistrano (~> 3.1, >= 3.1.0)
    carrierwave (0.9.0)
      activemodel (>= 3.2.0)
      activesupport (>= 3.2.0)
      json (>= 1.7)
    carrierwave-mongoid (0.6.3)
      carrierwave (>= 0.8.0, < 0.10.0)
      mongoid (>= 3.0, < 5.0)
      mongoid-grid_fs (~> 1.3)
    cells (3.8.8)
      actionpack (>= 3.0)
      railties (>= 3.0)
    celluloid (0.16.0)
      timers (~> 4.0.0)
    chunky_png (1.3.1)
    codemirror-rails (3.24)
      railties (>= 3.0, < 5)
    coderay (1.1.0)
    coffee-rails (3.2.2)
      coffee-script (>= 2.2.0)
      railties (~> 3.2.0)
    coffee-script (2.2.0)
      coffee-script-source
      execjs
    coffee-script-source (1.8.0)
    colorize (0.7.3)
    compass (1.0.1)
      chunky_png (~> 1.2)
      compass-core (~> 1.0.1)
      compass-import-once (~> 1.0.5)
      rb-fsevent (>= 0.9.3)
      rb-inotify (>= 0.9)
      sass (>= 3.3.13, < 3.5)
    compass-core (1.0.1)
      multi_json (~> 1.0)
      sass (>= 3.3.0, < 3.5)
    compass-import-once (1.0.5)
      sass (>= 3.2, < 3.5)
    compass-rails (2.0.0)
      compass (>= 0.12.2)
    custom_fields (2.3.2)
      activesupport (~> 3.2.13)
      carrierwave-mongoid (~> 0.6.0)
      money (~> 5.0)
      mongoid (~> 3.1.6)
    debug_inspector (0.0.2)
    devise (2.2.7)
      bcrypt-ruby (~> 3.0)
      orm_adapter (~> 0.1)
      railties (~> 3.1)
      warden (~> 1.2.1)
    devise-encryptable (0.1.2)
      devise (>= 2.1.0)
    diff-lcs (1.2.5)
    dragonfly (1.0.7)
      addressable (~> 2.3)
      multi_json (~> 1.0)
      rack
    ejs (1.0.0)
    erubis (2.7.0)
    excon (0.23.0)
    execjs (2.2.1)
    ffi (1.9.4)
    figaro (1.0.0)
      thor (~> 0.14)
    flash_cookie_session (1.1.6)
      rails (>= 3.0)
    fog (1.12.1)
      builder
      excon (~> 0.23.0)
      formatador (~> 0.2.0)
      mime-types
      multi_json (~> 1.0)
      net-scp (~> 1.1)
      net-ssh (>= 2.1.3)
      nokogiri (~> 1.5.0)
      ruby-hmac
    formatador (0.2.5)
    formtastic (2.2.1)
      actionpack (>= 3.0)
    gctools (0.2.3)
    growl (1.0.3)
    guard (2.6.1)
      formatador (>= 0.2.4)
      listen (~> 2.7)
      lumberjack (~> 1.0)
      pry (>= 0.9.12)
      thor (>= 0.18.1)
    guard-rspec (4.3.1)
      guard (~> 2.1)
      rspec (>= 2.14, < 4.0)
    haml (4.0.5)
      tilt
    haml-rails (0.4)
      actionpack (>= 3.1, < 4.1)
      activesupport (>= 3.1, < 4.1)
      haml (>= 3.1, < 4.1)
      railties (>= 3.1, < 4.1)
    highline (1.6.21)
    hike (1.2.3)
    hitimes (1.2.2)
    httparty (0.11.0)
      multi_json (~> 1.0)
      multi_xml (>= 0.5.2)
    i18n (0.6.11)
    journey (1.0.4)
    jquery-rails (2.1.4)
      railties (>= 3.0, < 5.0)
      thor (>= 0.14, < 2.0)
    json (1.8.1)
    kaminari (0.14.1)
      actionpack (>= 3.0.0)
      activesupport (>= 3.0.0)
    kgio (2.9.2)
    libv8 (3.16.14.7)
    listen (2.7.9)
      celluloid (>= 0.15.2)
      rb-fsevent (>= 0.9.3)
      rb-inotify (>= 0.9)
    locomotive-aloha-rails (0.23.2.2)
      actionpack (~> 3.2.13)
    locomotive-tinymce-rails (3.5.8.2)
      actionpack (~> 3.2)
    locomotive_liquid (2.4.2)
    locomotivecms_solid (0.2.2)
      locomotive_liquid (~> 2.4.2)
    lumberjack (1.0.9)
    mail (2.5.4)
      mime-types (~> 1.16)
      treetop (~> 1.4.8)
    method_source (0.8.2)
    mime-types (1.25.1)
    mimetype-fu (0.1.2)
    money (5.1.1)
      i18n (~> 0.6.0)
    mongo_session_store-rails3 (4.1.1)
      actionpack (>= 3.1)
    mongoid (3.1.6)
      activemodel (~> 3.2)
      moped (~> 1.4)
      origin (~> 1.0)
      tzinfo (~> 0.3.29)
    mongoid-grid_fs (1.9.2)
      mime-types (>= 1.19, < 3.0)
      mongoid (>= 3.0, < 5.0)
    mongoid-tree (1.0.4)
      mongoid (>= 3.0, <= 4.0)
    mongoid_migration (0.0.8)
      mongoid (> 2.4)
      rails (~> 3.2)
    moped (1.5.2)
    multi_json (1.7.9)
    multi_xml (0.5.5)
    net-scp (1.2.1)
      net-ssh (>= 2.6.5)
    net-ssh (2.9.1)
    nokogiri (1.5.11)
    nyan-cat-formatter (0.10.1)
      rspec (>= 2.99, >= 2.14.2, < 4)
    origin (1.1.0)
    orm_adapter (0.5.0)
    polyglot (0.3.5)
    pry (0.10.1)
      coderay (~> 1.1.0)
      method_source (~> 0.8.1)
      slop (~> 3.4)
    rack (1.4.5)
    rack-cache (1.2)
      rack (>= 0.4)
    rack-ssl (1.3.4)
      rack
    rack-test (0.6.2)
      rack (>= 1.0)
    rails (3.2.19)
      actionmailer (= 3.2.19)
      actionpack (= 3.2.19)
      activerecord (= 3.2.19)
      activeresource (= 3.2.19)
      activesupport (= 3.2.19)
      bundler (~> 1.0)
      railties (= 3.2.19)
    rails-backbone (0.7.2)
      coffee-script (~> 2.2.0)
      ejs (~> 1.0.0)
      railties (>= 3.1.0)
    railties (3.2.19)
      actionpack (= 3.2.19)
      activesupport (= 3.2.19)
      rack-ssl (~> 1.3.2)
      rake (>= 0.8.7)
      rdoc (~> 3.4)
      thor (>= 0.14.6, < 2.0)
    raindrops (0.13.0)
    rake (10.0.4)
    rb-fsevent (0.9.4)
    rb-inotify (0.9.5)
      ffi (>= 0.5.0)
    rdoc (3.12.2)
      json (~> 1.4)
    redcarpet (3.0.0)
    ref (1.0.5)
    responders (0.9.3)
      railties (~> 3.1)
    rspec (3.1.0)
      rspec-core (~> 3.1.0)
      rspec-expectations (~> 3.1.0)
      rspec-mocks (~> 3.1.0)
    rspec-core (3.1.4)
      rspec-support (~> 3.1.0)
    rspec-expectations (3.1.1)
      diff-lcs (>= 1.2.0, < 2.0)
      rspec-support (~> 3.1.0)
    rspec-mocks (3.1.1)
      rspec-support (~> 3.1.0)
    rspec-rails (3.1.0)
      actionpack (>= 3.0)
      activesupport (>= 3.0)
      railties (>= 3.0)
      rspec-core (~> 3.1.0)
      rspec-expectations (~> 3.1.0)
      rspec-mocks (~> 3.1.0)
      rspec-support (~> 3.1.0)
    rspec-support (3.1.0)
    ruby-hmac (0.4.0)
    sanitize (2.0.3)
      nokogiri (>= 1.4.4, < 1.6)
    sass (3.4.5)
    sass-rails (3.2.6)
      railties (~> 3.2.0)
      sass (>= 3.1.10)
      tilt (~> 1.3)
    slop (3.6.0)
    spring (1.1.3)
    spring-commands-rspec (1.0.2)
      spring (>= 0.9.1)
    sprockets (2.2.2)
      hike (~> 1.2)
      multi_json (~> 1.0)
      rack (~> 1.0)
      tilt (~> 1.1, != 1.3.0)
    sshkit (1.5.1)
      colorize
      net-scp (>= 1.1.2)
      net-ssh (>= 2.8.0)
    stringex (2.0.11)
    therubyracer (0.12.1)
      libv8 (~> 3.16.14.0)
      ref
    thor (0.19.1)
    tilt (1.4.1)
    timers (4.0.1)
      hitimes
    treetop (1.4.15)
      polyglot
      polyglot (>= 0.3.1)
    tzinfo (0.3.41)
    uglifier (2.5.3)
      execjs (>= 0.3.0)
      json (>= 1.8.0)
    unicorn (4.8.3)
      kgio (~> 2.6)
      rack
      raindrops (~> 0.7)
    warden (1.2.3)
      rack (>= 1.0)

PLATFORMS
  ruby

DEPENDENCIES
  better_errors (~> 2.0.0)
  binding_of_caller (~> 0.7.2)
  capistrano (~> 3.2.1)
  capistrano-bundler (~> 1.1.3)
  capistrano-rails (~> 1.1.2)
  capistrano-rvm (~> 0.1.1)
  capistrano3-unicorn (~> 0.2.1)
  coffee-rails (~> 3.2.2)
  compass-rails (~> 2.0.0)
  figaro (~> 1.0.0)
  gctools (~> 0.2.3)
  growl (~> 1.0.3)
  guard-rspec (~> 4.3.1)
  haml-rails (~> 0.4)
  locomotive_cms!
  nyan-cat-formatter (~> 0.10.1)
  rails (~> 3.2.19)
  rb-fsevent (~> 0.9.4)
  rspec-rails (~> 3.1.0)
  sass-rails (~> 3.2.6)
  spring (~> 1.1.3)
  spring-commands-rspec (~> 1.0.2)
  therubyracer (~> 0.12.1)
  uglifier (~> 2.5.3)
  unicorn (~> 4.8.3)
